PATH
  remote: .
  specs:
    workout_of_the_day (0.1.0)

GEM
  remote: https://rubygems.org/
  specs:
    rake (10.4.2)

PLATFORMS
  ruby

DEPENDENCIES
  bundler (~> 2.0)
  rake (~> 10.0)
  workout_of_the_day!

BUNDLED WITH
   2.0.1
